GEM
  remote: http://rubygems.org/
  specs:
    faraday (0.9.2)
      multipart-post (>= 1.2, < 3)
    geolocater (0.1.0)
      faraday
      json
    json (1.8.3)
    multipart-post (2.0.0)
    rainbow (2.1.0)

PLATFORMS
  ruby

DEPENDENCIES
  geolocater
  rainbow

RUBY VERSION
   ruby 2.2.0p0

BUNDLED WITH
   1.13.1
